GEM
  remote: https://gems.ruby-china.com/
  specs:
    mina (1.2.3)
      open4 (~> 1.3.4)
      rake
    open4 (1.3.4)
    rake (12.3.2)

PLATFORMS
  ruby

DEPENDENCIES
  mina

BUNDLED WITH
   1.16.2
